PATH
  remote: .
  specs:
    learn_about_cats (0.1.0)
      nokogiri (>= 1.8.5)

GEM
  remote: https://rubygems.org/
  specs:
    childprocess (0.9.0)
      ffi (~> 1.0, >= 1.0.11)
    coderay (1.1.2)
    colorize (0.8.1)
    diff-lcs (1.3)
    ffi (1.11.1)
    method_source (0.9.0)
    mini_portile2 (2.4.0)
    nokogiri (1.10.10)
      mini_portile2 (~> 2.4.0)
    pry (0.11.3)
      coderay (~> 1.1.0)
      method_source (~> 0.9.0)
    rake (12.3.3)
    regexp_parser (1.7.1)
    rspec (3.7.0)
      rspec-core (~> 3.7.0)
      rspec-expectations (~> 3.7.0)
      rspec-mocks (~> 3.7.0)
    rspec-core (3.7.1)
      rspec-support (~> 3.7.0)
    rspec-expectations (3.7.0)
      diff-lcs (>= 1.2.0, < 2.0)
      rspec-support (~> 3.7.0)
    rspec-mocks (3.7.0)
      diff-lcs (>= 1.2.0, < 2.0)
      rspec-support (~> 3.7.0)
    rspec-support (3.7.0)
    rubyzip (1.2.3)
    selenium-webdriver (3.142.7)
      childprocess (>= 0.5, < 4.0)
      rubyzip (>= 1.2.2)
    watir (6.16.5)
      regexp_parser (~> 1.2)
      selenium-webdriver (~> 3.6)

PLATFORMS
  ruby

DEPENDENCIES
  bundler (~> 1.16)
  colorize
  learn_about_cats!
  pry
  rake (~> 12.3.3)
  rspec (~> 3.0)
  watir

BUNDLED WITH
   1.17.2
